GEM
  remote: https://rubygems.org/
  specs:
    faraday (0.8.7)
      multipart-post (~> 1.1)
    httparty (0.11.0)
      multi_json (~> 1.0)
      multi_xml (>= 0.5.2)
    json (1.7.7)
    multi_json (1.7.3)
    multi_xml (0.5.3)
    multipart-post (1.2.0)

PLATFORMS
  ruby

DEPENDENCIES
  faraday
  httparty
  json
